PATH
  remote: .
  specs:
    serialized_settings (1.0.0)
      activerecord (~> 3.2)
      activesupport (~> 3.2)

GEM
  remote: https://rubygems.org/
  specs:
    activemodel (3.2.18)
      activesupport (= 3.2.18)
      builder (~> 3.0.0)
    activerecord (3.2.18)
      activemodel (= 3.2.18)
      activesupport (= 3.2.18)
      arel (~> 3.0.2)
      tzinfo (~> 0.3.29)
    activesupport (3.2.18)
      i18n (~> 0.6, >= 0.6.4)
      multi_json (~> 1.0)
    arel (3.0.3)
    builder (3.0.4)
    bump (0.5.0)
    diff-lcs (1.1.3)
    i18n (0.6.9)
    multi_json (1.10.1)
    rake (10.3.2)
    rspec (2.12.0)
      rspec-core (~> 2.12.0)
      rspec-expectations (~> 2.12.0)
      rspec-mocks (~> 2.12.0)
    rspec-core (2.12.0)
    rspec-expectations (2.12.0)
      diff-lcs (~> 1.1.3)
    rspec-mocks (2.12.0)
    sqlite3 (1.3.6)
    tzinfo (0.3.39)

PLATFORMS
  ruby

DEPENDENCIES
  bump
  rake
  rspec
  serialized_settings!
  sqlite3
